PATH
  remote: .
  specs:
    greenwich (2.0.2)
      activerecord (~> 3.0)
      activesupport (~> 3.0)
      tzinfo (~> 0.3)

GEM
  remote: http://rubygems.org/
  specs:
    activemodel (3.2.8)
      activesupport (= 3.2.8)
      builder (~> 3.0.0)
    activerecord (3.2.8)
      activemodel (= 3.2.8)
      activesupport (= 3.2.8)
      arel (~> 3.0.2)
      tzinfo (~> 0.3.29)
    activesupport (3.2.8)
      i18n (~> 0.6)
      multi_json (~> 1.0)
    arel (3.0.2)
    awesome_print (1.1.0)
    builder (3.0.0)
    diff-lcs (1.1.3)
    fuubar (1.1.0)
      rspec (~> 2.0)
      rspec-instafail (~> 0.2.0)
      ruby-progressbar (~> 1.0.0)
    guard (1.4.0)
      listen (>= 0.4.2)
      thor (>= 0.14.6)
    guard-rspec (2.0.0)
      guard (>= 1.1)
      rspec (~> 2.11)
    i18n (0.6.0)
    listen (0.5.3)
    multi_json (1.3.6)
    rake (0.9.2.2)
    rb-fsevent (0.9.2)
    rspec (2.11.0)
      rspec-core (~> 2.11.0)
      rspec-expectations (~> 2.11.0)
      rspec-mocks (~> 2.11.0)
    rspec-core (2.11.1)
    rspec-expectations (2.11.3)
      diff-lcs (~> 1.1.3)
    rspec-instafail (0.2.4)
    rspec-mocks (2.11.3)
    ruby-progressbar (1.0.2)
    sqlite3 (1.3.6)
    thor (0.16.0)
    tzinfo (0.3.33)

PLATFORMS
  ruby

DEPENDENCIES
  awesome_print (~> 1.1.0)
  fuubar (~> 1.0)
  greenwich!
  guard (~> 1.4.0)
  guard-rspec (~> 2.0.0)
  rake
  rb-fsevent (~> 0.9.1)
  rspec (~> 2.11)
  sqlite3 (~> 1.3)
